GEM
  remote: https://rubygems.org/
  specs:
    mysql2 (0.4.2)
    rack (1.6.0)
    rack-protection (1.5.0)
      rack
    sinatra (1.4.2)
      rack (~> 1.5, >= 1.5.2)
      rack-protection (~> 1.4)
      tilt (~> 1.3, >= 1.3.4)
    tilt (1.4.1)

PLATFORMS
  ruby

DEPENDENCIES
  mysql2
  sinatra

BUNDLED WITH
   1.11.2
